GEM
  remote: https://rubygems.org/
  specs:
    rspec-core (3.10.1)
      rspec-support (~> 3.10.0)
    rspec-support (3.10.3)

PLATFORMS
  x86_64-linux

DEPENDENCIES
  rspec-core

BUNDLED WITH
   2.2.22
